REDIRECTS: ON
RESTRICTION: == net462
NUGET
  remote: https://www.nuget.org/api/v2
    FSharp.Core (4.0.0.1)

GROUP Build
NUGET
  remote: https://www.nuget.org/api/v2
    FAKE (4.63)

GROUP Library
RESTRICTION: == net462
NUGET
  remote: https://www.nuget.org/api/v2
    FSharp.Core (4.0.0.1)
    Gjallarhorn (0.11)
      FSharp.Core (4.0.0.1)
    Gjallarhorn.Bindable (0.11)
      FSharp.Core (4.0.0.1)
      Gjallarhorn (>= 0.11)
    Gjallarhorn.Bindable.Wpf (0.11)
      FSharp.Core (4.0.0.1)
      Gjallarhorn (>= 0.11)
      Gjallarhorn.Bindable (>= 0.11)

GROUP Samples
REDIRECTS: ON
RESTRICTION: == net462
NUGET
  remote: https://www.nuget.org/api/v2
    Serilog (2.5)
    Serilog.Sinks.ColoredConsole (3.0.1)
      Serilog.Sinks.Console (>= 3.0.1)
    Serilog.Sinks.Console (3.0.1)
      Serilog (>= 2.5)
