REDIRECTS: ON
RESTRICTION: == net462
NUGET
  remote: https://www.nuget.org/api/v2
    FAKE (4.61.3)
    FSharp.Core (4.2.1)
    Gjallarhorn (0.0.10-beta)
    Gjallarhorn.Bindable (0.0.10-beta)
      Gjallarhorn (>= 0.0.10-beta)
    Gjallarhorn.Bindable.Wpf (0.0.10-beta)
      Gjallarhorn (>= 0.0.10-beta)
      Gjallarhorn.Bindable (>= 0.0.10-beta)
